GEM
  remote: http://rubygems.org/
  specs:
    minitest (4.7.4)
    rake (10.1.0)

PLATFORMS
  ruby

DEPENDENCIES
  minitest (= 4.7.4)
  rake
